GEM
  remote: http://rubygems.org/
  specs:
    albino (1.3.3)
      posix-spawn (>= 0.3.6)
    aws-s3 (0.6.3)
      builder
      mime-types
      xml-simple
    builder (3.0.0)
    classifier (1.3.3)
      fast-stemmer (>= 1.0.0)
    cmdparse (2.0.5)
    directory_watcher (1.4.1)
    fast-stemmer (1.0.1)
    jekyll (0.11.2)
      albino (~> 1.3)
      classifier (~> 1.3)
      directory_watcher (~> 1.1)
      kramdown (~> 0.13)
      liquid (~> 2.3)
      maruku (~> 0.5)
    jekyll-s3 (0.0.4)
      aws-s3
    juicer (1.0.16)
      cmdparse
      nokogiri (>= 1.5.0)
      rubyzip
    kramdown (0.13.7)
    liquid (2.3.0)
    maruku (0.6.0)
      syntax (>= 1.0.0)
    mime-types (1.19)
    nokogiri (1.5.5)
    posix-spawn (0.3.6)
    rubyzip (0.9.9)
    syntax (1.0.0)
    xml-simple (1.1.1)

PLATFORMS
  ruby

DEPENDENCIES
  jekyll
  jekyll-s3
  juicer
