GEM
  remote: http://rubygems.org/
  specs:
    albino (1.3.3)
      posix-spawn (>= 0.3.6)
    aws-sdk (1.5.8)
      httparty (~> 0.7)
      json (~> 1.4)
      nokogiri (>= 1.4.4)
      uuidtools (~> 2.1)
    classifier (1.3.3)
      fast-stemmer (>= 1.0.0)
    colored (1.2)
    directory_watcher (1.4.1)
    erubis (2.7.0)
    fast-stemmer (1.0.1)
    filey-diff (0.0.2)
    httparty (0.9.0)
      multi_json (~> 1.0)
      multi_xml
    jekyll (0.11.2)
      albino (~> 1.3)
      classifier (~> 1.3)
      directory_watcher (~> 1.1)
      kramdown (~> 0.13)
      liquid (~> 2.3)
      maruku (~> 0.5)
    jekyll-s3 (1.0.0)
      aws-sdk (~> 1.5.6)
      erubis (~> 2.7.0)
      filey-diff (~> 0.0.2)
      simple-cloudfront-invalidator (~> 0.0.1)
    json (1.7.5)
    kramdown (0.14.1)
    liquid (2.4.1)
    maruku (0.6.1)
      syntax (>= 1.0.0)
    multi_json (1.4.0)
    multi_xml (0.5.1)
    nokogiri (1.5.5)
    posix-spawn (0.3.6)
    simple-cloudfront-invalidator (0.0.1)
      colored (= 1.2)
    syntax (1.0.0)
    uuidtools (2.1.3)

PLATFORMS
  ruby

DEPENDENCIES
  jekyll
  jekyll-s3 (~> 1.0.0)
